GEM
  remote: https://rubygems.org/
  specs:
    aws-sdk (2.6.18)
      aws-sdk-resources (= 2.6.18)
    aws-sdk-core (2.6.18)
      jmespath (~> 1.0)
    aws-sdk-resources (2.6.18)
      aws-sdk-core (= 2.6.18)
    jmespath (1.3.1)
    mime-types (3.1)
      mime-types-data (~> 3.2015)
    mime-types-data (3.2016.0521)
    parallel (1.9.0)
    rake (11.3.0)

PLATFORMS
  ruby

DEPENDENCIES
  aws-sdk (~> 2)
  mime-types
  parallel
  rake

BUNDLED WITH
   1.13.6
